GEM
  specs:
    awesome_print (1.2.0)
    colorize (0.6.0)

PLATFORMS
  ruby

DEPENDENCIES
  awesome_print
  colorize
